GEM
  remote: https://rubygems.org/
  specs:
    builder (3.2.3)
    daemons (1.2.6)
    eventmachine (1.2.7)
    faraday (0.15.3)
      multipart-post (>= 1.2, < 3)
    geminabox (1.1.0)
      builder
      faraday
      httpclient (>= 2.2.7)
      nesty
      reentrant_flock
      sinatra (>= 1.2.7)
    httpclient (2.8.3)
    multipart-post (2.0.0)
    mustermann (1.0.3)
    nesty (1.0.2)
    rack (2.0.5)
    rack-attack (5.4.1)
      rack (>= 1.0, < 3)
    rack-protection (2.0.4)
      rack
    reentrant_flock (0.1.1)
    sinatra (2.0.4)
      mustermann (~> 1.0)
      rack (~> 2.0)
      rack-protection (= 2.0.4)
      tilt (~> 2.0)
    thin (1.7.2)
      daemons (~> 1.0, >= 1.0.9)
      eventmachine (~> 1.0, >= 1.0.4)
      rack (>= 1, < 3)
    tilt (2.0.8)

PLATFORMS
  ruby

DEPENDENCIES
  geminabox
  rack-attack (~> 5.4, >= 5.4.1)
  thin

RUBY VERSION
   ruby 2.4.4p296

BUNDLED WITH
   1.16.6
